GIT
  remote: git://github.com/meh/paggio.git
  revision: 59ac18e4dfb314d0f7986a5a0bae97b85b47947c
  specs:
    paggio (0.2.4)

GIT
  remote: git://github.com/opal/opal.git
  revision: adf9d71093ed229b623e5404f7738bc88de4e56e
  specs:
    opal (0.7.1)
      hike (~> 1.2)
      sourcemap (~> 0.1.0)
      sprockets (>= 2.2.3, < 4.0.0)
      tilt (~> 1.4)

GEM
  specs:
    hike (1.2.3)
    multi_json (1.11.0)
    rack (1.6.0)
    rake (10.4.2)
    sourcemap (0.1.1)
    sprockets (2.12.3)
      hike (~> 1.2)
      multi_json (~> 1.0)
      rack (~> 1.0)
      tilt (~> 1.1, != 1.3.0)
    tilt (1.4.1)

PLATFORMS
  ruby

DEPENDENCIES
  opal!
  paggio!
  rake
